{
	"Modality": "MR",
	"MagneticFieldStrength": 3,
	"ImagingFrequency": 123.249588,
	"Manufacturer": "Siemens",
	"ManufacturersModelName": "Prisma",
	"InstitutionName": "Temple University - Weiss Hall",
	"InstitutionalDepartmentName": "Department",
	"InstitutionAddress": "North 13th 1701,Philadelphia,PA,US,19122",
	"DeviceSerialNumber": "166048",
	"StationName": "AWP166048",
	"BodyPartExamined": "BRAIN",
	"PatientPosition": "HFS",
	"ProcedureStepDescription": "Drexel^Kucyi Lab",
	"SoftwareVersions": "syngo MR E11",
	"MRAcquisitionType": "2D",
	"SeriesDescription": "B0map",
	"ProtocolName": "B0map",
	"ScanningSequence": "GR",
	"SequenceVariant": "SP",
	"SequenceName": "*fm2d2r",
	"ImageType": ["ORIGINAL", "PRIMARY", "P", "ND", "PHASE"],
	"NonlinearGradientCorrection": false,
	"SeriesNumber": 9,
	"AcquisitionTime": "09:04:21.582500",
	"AcquisitionNumber": 1,
	"SliceThickness": 2,
	"SpacingBetweenSlices": 2,
	"SAR": 0.151195,
	"EchoNumber": 2,
	"EchoTime": 0.00738,
	"RepetitionTime": 0.789,
	"FlipAngle": 45,
	"EchoTime1": 0.00492,
	"EchoTime2": 0.00738,
	"PartialFourier": 1,
	"BaseResolution": 96,
	"ShimSetting": [
		3024,
		-11810,
		6792,
		222,
		-13,
		-343,
		-90,
		45	],
	"TxRefAmp": 321.527,
	"PhaseResolution": 1,
	"ReceiveCoilName": "HeadNeck_64",
	"ReceiveCoilActiveElements": "HC1-7",
	"PulseSequenceDetails": "%SiemensSeq%\\gre_field_mapping",
	"CoilCombinationMethod": "Adaptive Combine",
	"ConsistencyInfo": "N4_VE11E_LATEST_20181129",
	"MatrixCoilMode": "SENSE",
	"PercentPhaseFOV": 100,
	"PercentSampling": 100,
	"PhaseEncodingSteps": 96,
	"AcquisitionMatrixPE": 96,
	"ReconMatrixPE": 96,
	"PixelBandwidth": 670,
	"DwellTime": 7.8e-06,
	"PhaseEncodingDirection": "j-",
	"SliceTiming": [
		0,
		0.39062,
		0.00781,
		0.40625,
		0.01562,
		0.41406,
		0.02344,
		0.42188,
		0.03125,
		0.4375,
		0.04688,
		0.44531,
		0.05469,
		0.45312,
		0.0625,
		0.46094,
		0.07031,
		0.46875,
		0.08594,
		0.48438,
		0.09375,
		0.49219,
		0.10156,
		0.5,
		0.10938,
		0.50781,
		0.125,
		0.52344,
		0.13281,
		0.53125,
		0.14062,
		0.53906,
		0.14844,
		0.55469,
		0.16406,
		0.5625,
		0.17188,
		0.57031,
		0.17969,
		0.57812,
		0.1875,
		0.58594,
		0.19531,
		0.60156,
		0.21094,
		0.60938,
		0.21875,
		0.61719,
		0.22656,
		0.63281,
		0.24219,
		0.64062,
		0.25,
		0.64844,
		0.25781,
		0.65625,
		0.26562,
		0.66406,
		0.27344,
		0.67969,
		0.28906,
		0.6875,
		0.29688,
		0.69531,
		0.30469,
		0.70312,
		0.32031,
		0.71875,
		0.32812,
		0.72656,
		0.33594,
		0.73438,
		0.34375,
		0.74219,
		0.35938,
		0.75781,
		0.36719,
		0.76562,
		0.375,
		0.77344,
		0.38281	],
	"ImageOrientationPatientDICOM": [
		0.999878,
		0.00147999,
		-0.0155513,
		-0.00383927,
		0.98825,
		-0.152798	],
	"ImageOrientationText": "Tra>Cor(-8.8)>Sag(-0.9)",
	"InPlanePhaseEncodingDirectionDICOM": "COL",
	"BidsGuess": ["fmap","_acq-fm2_phasediff"],
	"ConversionSoftware": "dcm2niix",
	"ConversionSoftwareVersion": "v1.0.20240202"
}
