{
	"Modality": "MR",
	"MagneticFieldStrength": 3,
	"ImagingFrequency": 123.249061,
	"Manufacturer": "Siemens",
	"ManufacturersModelName": "MAGNETOM Prisma",
	"InstitutionName": "Temple University - Weiss Hall",
	"InstitutionAddress": "North 13th 1701,Philadelphia,PA,US,19122",
	"DeviceSerialNumber": "166048",
	"StationName": "AWP166048",
	"BodyPartExamined": "BRAIN",
	"PatientPosition": "HFS",
	"SoftwareVersions": "syngo MR XA30",
	"MRAcquisitionType": "2D",
	"SeriesDescription": "BOLD_ExperienceSampling",
	"ProtocolName": "BOLD_ExperienceSampling",
	"TaskName": "ExperienceSampling",
	"ScanningSequence": "EP",
	"SequenceVariant": "SK\\SS",
	"ScanOptions": "PFP\\FS",
	"PulseSequenceName": "epfid2d1_96",
	"ImageType": ["ORIGINAL", "PRIMARY", "FMRI", "NONE"],
	"ImageTypeText": ["ORIGINAL", "PRIMARY", "M", "MB", "NORM", "DIS2D"],
	"NonlinearGradientCorrection": true,
	"SeriesNumber": 18,
	"AcquisitionTime": "13:04:59.145000",
	"AcquisitionNumber": 1,
	"ImageComments": "Project: Kucyi_EEG-fMRI, Unaliased MB3/PE3",
	"SliceThickness": 2,
	"SpacingBetweenSlices": 2,
	"EchoTime": 0.025,
	"RepetitionTime": 2,
	"MTState": false,
	"FlipAngle": 70,
	"PartialFourier": 0.75,
	"BaseResolution": 96,
	"ShimSetting": [
		3055,
		-11787,
		6776,
		303,
		-43,
		-632,
		-189,
		38	],
	"TxRefAmp": 312.677,
	"PhaseResolution": 1,
	"ReceiveCoilName": "HeadNeck_64",
	"ReceiveCoilActiveElements": "HC1-7;NC1",
	"CoilString": "HeadNeck_64",
	"PulseSequenceDetails": "%CustomerSeq%\\cmrr_mbep2d_bold",
	"WipMemBlock": "caffcf83-71b7-4fae-9285-4c93973222ce||Sequence: R017 nxva30a/master r/d8d65e45a; Feb 10 2025 13:35:02 by eja",
	"CoilCombinationMethod": "Sum of Squares",
	"MatrixCoilMode": "SENSE",
	"MultibandAccelerationFactor": 3,
	"PercentPhaseFOV": 100,
	"PercentSampling": 100,
	"EchoTrainLength": 72,
	"PartialFourierDirection": "PHASE",
	"PhaseEncodingSteps": 96,
	"FrequencyEncodingSteps": 96,
	"AcquisitionMatrixPE": 96,
	"ReconMatrixPE": 96,
	"BandwidthPerPixelPhaseEncode": 16.801,
	"EffectiveEchoSpacing": 0.000620003,
	"DerivedVendorReportedEchoSpacing": 0.000620003,
	"AcquisitionDuration": 911.907,
	"TotalReadoutTime": 0.0589003,
	"PixelBandwidth": 1860,
	"DwellTime": 2.8e-06,
	"PhaseEncodingDirection": "j-",
	"SliceTiming": [
		0,
		1.0275,
		0.075,
		1.1,
		0.1475,
		1.175,
		0.22,
		1.2475,
		0.295,
		1.32,
		0.3675,
		1.395,
		0.44,
		1.4675,
		0.515,
		1.54,
		0.5875,
		1.615,
		0.66,
		1.6875,
		0.735,
		1.76,
		0.8075,
		1.835,
		0.88,
		1.9075,
		0.955,
		0,
		1.0275,
		0.075,
		1.1,
		0.1475,
		1.175,
		0.22,
		1.2475,
		0.295,
		1.32,
		0.3675,
		1.395,
		0.44,
		1.4675,
		0.515,
		1.54,
		0.5875,
		1.615,
		0.66,
		1.6875,
		0.735,
		1.76,
		0.8075,
		1.835,
		0.88,
		1.9075,
		0.955,
		0,
		1.0275,
		0.075,
		1.1,
		0.1475,
		1.175,
		0.22,
		1.2475,
		0.295,
		1.32,
		0.3675,
		1.395,
		0.44,
		1.4675,
		0.515,
		1.54,
		0.5875,
		1.615,
		0.66,
		1.6875,
		0.735,
		1.76,
		0.8075,
		1.835,
		0.88,
		1.9075,
		0.955	],
	"ImageOrientationPatientDICOM": [
		0.99912,
		0.0349977,
		0.0231244,
		-0.0289551,
		0.974278,
		-0.223483	],
	"InPlanePhaseEncodingDirectionDICOM": "COL",
	"BidsGuess": ["func","_acq-epfid2_dir-AP_run-18_bold"],
	"ConversionSoftware": "dcm2niix",
	"ConversionSoftwareVersion": "v1.0.20240202"
}
