{
	"Modality": "MR",
	"MagneticFieldStrength": 3,
	"ImagingFrequency": 123.249332,
	"Manufacturer": "Siemens",
	"ManufacturersModelName": "MAGNETOM Prisma",
	"InstitutionName": "Temple University - Weiss Hall",
	"InstitutionAddress": "North 13th 1701,Philadelphia,PA,US,19122",
	"DeviceSerialNumber": "166048",
	"StationName": "AWP166048",
	"BodyPartExamined": "BRAIN",
	"PatientPosition": "HFS",
	"SoftwareVersions": "syngo MR XA30",
	"MRAcquisitionType": "2D",
	"SeriesDescription": "B0map",
	"ProtocolName": "B0map",
	"ScanningSequence": "GR",
	"SequenceVariant": "SP",
	"PulseSequenceName": "*fm2d2r",
	"ImageType": ["ORIGINAL", "PRIMARY", "M", "NONE"],
	"ImageTypeText": ["ORIGINAL", "PRIMARY", "M", "DIS2D"],
	"NonlinearGradientCorrection": true,
	"SeriesNumber": 8,
	"AcquisitionTime": "16:06:8.505000",
	"AcquisitionNumber": 1,
	"ImageComments": "Project: Kucyi-EEG-fMRI",
	"SliceThickness": 2,
	"SpacingBetweenSlices": 2,
	"EchoNumber": 1,
	"EchoTime": 0.00492,
	"RepetitionTime": 0.789,
	"MTState": false,
	"FlipAngle": 45,
	"PartialFourier": 1,
	"BaseResolution": 96,
	"ShimSetting": [
		3042,
		-11782,
		6757,
		146,
		-16,
		-403,
		-85,
		23	],
	"TxRefAmp": 324.602,
	"PhaseResolution": 1,
	"ReceiveCoilName": "HeadNeck_64",
	"ReceiveCoilActiveElements": "HC1-7;NC1",
	"CoilString": "HeadNeck_64",
	"PulseSequenceDetails": "%SiemensSeq%\\gre_field_mapping",
	"CoilCombinationMethod": "Adaptive Combine",
	"MatrixCoilMode": "SENSE",
	"PercentPhaseFOV": 100,
	"PercentSampling": 100,
	"PhaseEncodingSteps": 96,
	"FrequencyEncodingSteps": 96,
	"AcquisitionMatrixPE": 96,
	"ReconMatrixPE": 96,
	"AcquisitionDuration": 150.69,
	"PixelBandwidth": 668,
	"DwellTime": 7.8e-06,
	"PhaseEncodingDirection": "j-",
	"SliceTiming": [
		0,
		0.4,
		0.01,
		0.41,
		0.02,
		0.42,
		0.03,
		0.43,
		0.04,
		0.44,
		0.05,
		0.45,
		0.06,
		0.46,
		0.07,
		0.4675,
		0.08,
		0.4775,
		0.09,
		0.4875,
		0.0975,
		0.4975,
		0.1075,
		0.5075,
		0.1175,
		0.5175,
		0.1275,
		0.5275,
		0.1375,
		0.5375,
		0.1475,
		0.5475,
		0.1575,
		0.5575,
		0.1675,
		0.565,
		0.1775,
		0.575,
		0.185,
		0.585,
		0.195,
		0.595,
		0.205,
		0.605,
		0.215,
		0.615,
		0.225,
		0.625,
		0.235,
		0.635,
		0.245,
		0.645,
		0.255,
		0.655,
		0.265,
		0.6625,
		0.275,
		0.6725,
		0.2825,
		0.6825,
		0.2925,
		0.6925,
		0.3025,
		0.7025,
		0.3125,
		0.7125,
		0.3225,
		0.7225,
		0.3325,
		0.7325,
		0.3425,
		0.7425,
		0.3525,
		0.75,
		0.3625,
		0.76,
		0.3725,
		0.77,
		0.38,
		0.78,
		0.39	],
	"ImageOrientationPatientDICOM": [
		0.99899,
		0.0350557,
		0.0281173,
		-0.0261595,
		0.962382,
		-0.270437	],
	"InPlanePhaseEncodingDirectionDICOM": "COL",
	"BidsGuess": ["fmap","_acq-fm2_magnitude1"],
	"ConversionSoftware": "dcm2niix",
	"ConversionSoftwareVersion": "v1.0.20240202"
}
