{
	"Modality": "MR",
	"MagneticFieldStrength": 3,
	"ImagingFrequency": 123.249256,
	"Manufacturer": "Siemens",
	"ManufacturersModelName": "Prisma",
	"InstitutionName": "Temple University",
	"InstitutionalDepartmentName": "Department",
	"InstitutionAddress": "North 13th 1701,Philadelphia,PA,US,19122",
	"DeviceSerialNumber": "166048",
	"StationName": "AWP166048",
	"BodyPartExamined": "BRAIN",
	"PatientPosition": "HFS",
	"ProcedureStepDescription": "Drexel^Kucyi Lab",
	"SoftwareVersions": "syngo MR E11",
	"MRAcquisitionType": "2D",
	"SeriesDescription": "B0map",
	"ProtocolName": "B0map",
	"ScanningSequence": "GR",
	"SequenceVariant": "SP",
	"SequenceName": "*fm2d2r",
	"ImageType": ["ORIGINAL", "PRIMARY", "M", "ND"],
	"NonlinearGradientCorrection": false,
	"SeriesNumber": 8,
	"AcquisitionTime": "09:20:39.157500",
	"AcquisitionNumber": 1,
	"SliceThickness": 2,
	"SpacingBetweenSlices": 2,
	"SAR": 0.157758,
	"EchoNumber": 1,
	"EchoTime": 0.00492,
	"RepetitionTime": 0.789,
	"FlipAngle": 45,
	"PartialFourier": 1,
	"BaseResolution": 96,
	"ShimSetting": [
		3030,
		-11810,
		6762,
		244,
		-73,
		-376,
		-101,
		24	],
	"TxRefAmp": 358.189,
	"PhaseResolution": 1,
	"ReceiveCoilName": "HeadNeck_64",
	"ReceiveCoilActiveElements": "HC1-7",
	"PulseSequenceDetails": "%SiemensSeq%\\gre_field_mapping",
	"CoilCombinationMethod": "Adaptive Combine",
	"ConsistencyInfo": "N4_VE11E_LATEST_20181129",
	"MatrixCoilMode": "SENSE",
	"PercentPhaseFOV": 100,
	"PercentSampling": 100,
	"PhaseEncodingSteps": 96,
	"AcquisitionMatrixPE": 96,
	"ReconMatrixPE": 96,
	"PixelBandwidth": 670,
	"DwellTime": 7.8e-06,
	"PhaseEncodingDirection": "j-",
	"SliceTiming": [
		0,
		0.39844,
		0.00781,
		0.41406,
		0.02344,
		0.42188,
		0.03125,
		0.42969,
		0.03906,
		0.4375,
		0.05469,
		0.44531,
		0.0625,
		0.46094,
		0.07031,
		0.46875,
		0.07812,
		0.47656,
		0.08594,
		0.49219,
		0.10156,
		0.5,
		0.10938,
		0.50781,
		0.11719,
		0.51562,
		0.125,
		0.53125,
		0.14062,
		0.53906,
		0.14844,
		0.54688,
		0.15625,
		0.55469,
		0.16406,
		0.5625,
		0.17969,
		0.57812,
		0.1875,
		0.58594,
		0.19531,
		0.59375,
		0.20312,
		0.60938,
		0.21875,
		0.61719,
		0.22656,
		0.625,
		0.23438,
		0.63281,
		0.25,
		0.64062,
		0.25,
		0.65625,
		0.26562,
		0.66406,
		0.27344,
		0.67188,
		0.28125,
		0.6875,
		0.29688,
		0.69531,
		0.30469,
		0.70312,
		0.3125,
		0.71094,
		0.32031,
		0.71875,
		0.33594,
		0.73438,
		0.34375,
		0.74219,
		0.35156,
		0.75,
		0.35938,
		0.75781,
		0.375,
		0.77344,
		0.38281,
		0.78125,
		0.39062	],
	"ImageOrientationPatientDICOM": [
		0.997848,
		0.0654646,
		0.00363955,
		-0.0624297,
		0.965618,
		-0.252358	],
	"ImageOrientationText": "Tra>Cor(-14.6)>Sag(1.1)",
	"InPlanePhaseEncodingDirectionDICOM": "COL",
	"BidsGuess": ["fmap","_acq-fm2_magnitude1"],
	"ConversionSoftware": "dcm2niix",
	"ConversionSoftwareVersion": "v1.0.20240202"
}
