{
	"Modality": "MR",
	"MagneticFieldStrength": 3,
	"ImagingFrequency": 123.255719,
	"Manufacturer": "Siemens",
	"ManufacturersModelName": "Prisma",
	"InstitutionName": "Temple University - Weiss Hall",
	"InstitutionalDepartmentName": "Department",
	"InstitutionAddress": "North 13th 1701,Philadelphia,PA,US,19122",
	"DeviceSerialNumber": "166048",
	"StationName": "AWP166048",
	"BodyPartExamined": "BRAIN",
	"PatientPosition": "HFS",
	"ProcedureStepDescription": "Drexel^Kucyi Lab",
	"SoftwareVersions": "syngo MR E11",
	"MRAcquisitionType": "2D",
	"SeriesDescription": "BOLD_ExperienceSampling",
	"ProtocolName": "BOLD_ExperienceSampling",
	"TaskName": "ExperienceSampling",
	"ScanningSequence": "EP",
	"SequenceVariant": "SK\\SS",
	"ScanOptions": "PFP\\FS",
	"SequenceName": "epfid2d1_96",
	"ImageType": ["ORIGINAL", "PRIMARY", "M", "MB", "ND", "NORM", "MOSAIC"],
	"NonlinearGradientCorrection": false,
	"SeriesNumber": 13,
	"AcquisitionTime": "10:52:39.172500",
	"AcquisitionNumber": 1,
	"ImageComments": "Unaliased MB3/PE3",
	"SliceThickness": 2,
	"SpacingBetweenSlices": 2,
	"SAR": 0.0877547,
	"EchoTime": 0.025,
	"RepetitionTime": 2,
	"FlipAngle": 70,
	"PartialFourier": 0.75,
	"BaseResolution": 96,
	"ShimSetting": [
		3021,
		-11803,
		6739,
		378,
		-141,
		-267,
		-34,
		73	],
	"TxRefAmp": 281.415,
	"PhaseResolution": 1,
	"ReceiveCoilName": "HeadNeck_64",
	"ReceiveCoilActiveElements": "HC1-7",
	"PulseSequenceDetails": "%CustomerSeq%\\cmrr_mbep2d_bold",
	"WipMemBlock": "ae16d675-891f-4684-b5f9-eacdffa70ab4||Sequence: R016 ve11e/master r/434b28f1; Aug  7 2019 18:53:46 by eja",
	"CoilCombinationMethod": "Sum of Squares",
	"ConsistencyInfo": "N4_VE11E_LATEST_20181129",
	"MatrixCoilMode": "SENSE",
	"MultibandAccelerationFactor": 3,
	"PercentPhaseFOV": 100,
	"PercentSampling": 100,
	"EchoTrainLength": 72,
	"PhaseEncodingSteps": 72,
	"AcquisitionMatrixPE": 96,
	"ReconMatrixPE": 96,
	"BandwidthPerPixelPhaseEncode": 16.801,
	"EffectiveEchoSpacing": 0.000620003,
	"DerivedVendorReportedEchoSpacing": 0.000620003,
	"TotalReadoutTime": 0.0589003,
	"PixelBandwidth": 1860,
	"DwellTime": 2.8e-06,
	"PhaseEncodingDirection": "j-",
	"SliceTiming": [
		0,
		1.025,
		0.0725,
		1.0975,
		0.145,
		1.1725,
		0.22,
		1.245,
		0.2925,
		1.3175,
		0.365,
		1.3925,
		0.4375,
		1.465,
		0.5125,
		1.5375,
		0.585,
		1.6125,
		0.6575,
		1.685,
		0.7325,
		1.7575,
		0.805,
		1.8325,
		0.8775,
		1.905,
		0.9525,
		0,
		1.025,
		0.0725,
		1.0975,
		0.145,
		1.1725,
		0.22,
		1.245,
		0.2925,
		1.3175,
		0.365,
		1.3925,
		0.4375,
		1.465,
		0.5125,
		1.5375,
		0.585,
		1.6125,
		0.6575,
		1.685,
		0.7325,
		1.7575,
		0.805,
		1.8325,
		0.8775,
		1.905,
		0.9525,
		0,
		1.025,
		0.0725,
		1.0975,
		0.145,
		1.1725,
		0.22,
		1.245,
		0.2925,
		1.3175,
		0.365,
		1.3925,
		0.4375,
		1.465,
		0.5125,
		1.5375,
		0.585,
		1.6125,
		0.6575,
		1.685,
		0.7325,
		1.7575,
		0.805,
		1.8325,
		0.8775,
		1.905,
		0.9525	],
	"ImageOrientationPatientDICOM": [
		0.998556,
		-0.00277008,
		-0.053648,
		-0.00923714,
		0.974941,
		-0.222272	],
	"ImageOrientationText": "Tra>Cor(-12.9)>Sag(-3.0)",
	"InPlanePhaseEncodingDirectionDICOM": "COL",
	"ConversionSoftware": "dcm2niix",
	"ConversionSoftwareVersion": "v1.0.20230411"
}
