{
	"Modality": "MR",
	"MagneticFieldStrength": 3,
	"ImagingFrequency": 123.249338,
	"Manufacturer": "Siemens",
	"ManufacturersModelName": "MAGNETOM Prisma",
	"InstitutionName": "Temple University - Weiss Hall",
	"InstitutionAddress": "North 13th 1701,Philadelphia,PA,US,19122",
	"DeviceSerialNumber": "166048",
	"StationName": "AWP166048",
	"BodyPartExamined": "BRAIN",
	"PatientPosition": "HFS",
	"SoftwareVersions": "syngo MR XA30",
	"MRAcquisitionType": "2D",
	"SeriesDescription": "BOLD_ExperienceSampling",
	"ProtocolName": "BOLD_ExperienceSampling",
	"TaskName": "ExperienceSampling",
	"ScanningSequence": "EP",
	"SequenceVariant": "SK\\SS",
	"ScanOptions": "PFP\\FS",
	"PulseSequenceName": "epfid2d1_96",
	"ImageType": ["ORIGINAL", "PRIMARY", "FMRI", "NONE"],
	"ImageTypeText": ["ORIGINAL", "PRIMARY", "M", "MB", "NORM", "DIS2D"],
	"NonlinearGradientCorrection": true,
	"SeriesNumber": 12,
	"AcquisitionTime": "16:19:25.400000",
	"AcquisitionNumber": 1,
	"ImageComments": "Project: Kucyi-EEG-fMRI, Unaliased MB3/PE3",
	"SliceThickness": 2,
	"SpacingBetweenSlices": 2,
	"EchoTime": 0.025,
	"RepetitionTime": 2,
	"MTState": false,
	"FlipAngle": 70,
	"PartialFourier": 0.75,
	"BaseResolution": 96,
	"ShimSetting": [
		3042,
		-11782,
		6757,
		146,
		-16,
		-403,
		-85,
		23	],
	"TxRefAmp": 324.602,
	"PhaseResolution": 1,
	"ReceiveCoilName": "HeadNeck_64",
	"ReceiveCoilActiveElements": "HC1-7;NC1",
	"CoilString": "HeadNeck_64",
	"PulseSequenceDetails": "%CustomerSeq%\\cmrr_mbep2d_bold",
	"WipMemBlock": "63c0489c-af35-4d1f-aa36-055d6167ec51||Sequence: R017 nxva30a/master r/d8d65e45a; Feb 10 2025 13:35:02 by eja",
	"CoilCombinationMethod": "Sum of Squares",
	"MatrixCoilMode": "SENSE",
	"MultibandAccelerationFactor": 3,
	"PercentPhaseFOV": 100,
	"PercentSampling": 100,
	"EchoTrainLength": 72,
	"PartialFourierDirection": "PHASE",
	"PhaseEncodingSteps": 96,
	"FrequencyEncodingSteps": 96,
	"AcquisitionMatrixPE": 96,
	"ReconMatrixPE": 96,
	"BandwidthPerPixelPhaseEncode": 16.801,
	"EffectiveEchoSpacing": 0.000620003,
	"DerivedVendorReportedEchoSpacing": 0.000620003,
	"AcquisitionDuration": 911.905,
	"TotalReadoutTime": 0.0589003,
	"PixelBandwidth": 1860,
	"DwellTime": 2.8e-06,
	"PhaseEncodingDirection": "j-",
	"SliceTiming": [
		0,
		1.025,
		0.0725,
		1.1,
		0.145,
		1.1725,
		0.22,
		1.245,
		0.2925,
		1.32,
		0.365,
		1.3925,
		0.44,
		1.465,
		0.5125,
		1.54,
		0.585,
		1.6125,
		0.66,
		1.685,
		0.7325,
		1.76,
		0.805,
		1.8325,
		0.88,
		1.905,
		0.9525,
		0,
		1.025,
		0.0725,
		1.1,
		0.145,
		1.1725,
		0.22,
		1.245,
		0.2925,
		1.32,
		0.365,
		1.3925,
		0.44,
		1.465,
		0.5125,
		1.54,
		0.585,
		1.6125,
		0.66,
		1.685,
		0.7325,
		1.76,
		0.805,
		1.8325,
		0.88,
		1.905,
		0.9525,
		0,
		1.025,
		0.0725,
		1.1,
		0.145,
		1.1725,
		0.22,
		1.245,
		0.2925,
		1.32,
		0.365,
		1.3925,
		0.44,
		1.465,
		0.5125,
		1.54,
		0.585,
		1.6125,
		0.66,
		1.685,
		0.7325,
		1.76,
		0.805,
		1.8325,
		0.88,
		1.905,
		0.9525	],
	"ImageOrientationPatientDICOM": [
		0.99899,
		0.0350557,
		0.0281173,
		-0.0261595,
		0.962382,
		-0.270437	],
	"InPlanePhaseEncodingDirectionDICOM": "COL",
	"BidsGuess": ["func","_acq-epfid2_dir-AP_run-12_bold"],
	"ConversionSoftware": "dcm2niix",
	"ConversionSoftwareVersion": "v1.0.20240202"
}
