{
	"Modality": "MR",
	"MagneticFieldStrength": 3,
	"ImagingFrequency": 123.249046,
	"Manufacturer": "Siemens",
	"ManufacturersModelName": "MAGNETOM Prisma",
	"InstitutionName": "Temple University - Weiss Hall",
	"InstitutionAddress": "North 13th 1701,Philadelphia,PA,US,19122",
	"DeviceSerialNumber": "166048",
	"StationName": "AWP166048",
	"BodyPartExamined": "BRAIN",
	"PatientPosition": "HFS",
	"SoftwareVersions": "syngo MR XA30",
	"MRAcquisitionType": "2D",
	"SeriesDescription": "B0map",
	"ProtocolName": "B0map",
	"ScanningSequence": "GR",
	"SequenceVariant": "SP",
	"PulseSequenceName": "*fm2d2r",
	"ImageType": ["ORIGINAL", "PRIMARY", "M", "NONE"],
	"ImageTypeText": ["ORIGINAL", "PRIMARY", "M", "DIS2D"],
	"NonlinearGradientCorrection": true,
	"SeriesNumber": 8,
	"AcquisitionTime": "12:22:42.722500",
	"AcquisitionNumber": 1,
	"ImageComments": "Project: Kucyi_EEG-fMRI",
	"SliceThickness": 2,
	"SpacingBetweenSlices": 2,
	"EchoNumber": 2,
	"EchoTime": 0.00738,
	"RepetitionTime": 0.789,
	"MTState": false,
	"FlipAngle": 45,
	"PartialFourier": 1,
	"BaseResolution": 96,
	"ShimSetting": [
		3055,
		-11787,
		6776,
		303,
		-43,
		-632,
		-189,
		38	],
	"TxRefAmp": 312.677,
	"PhaseResolution": 1,
	"ReceiveCoilName": "HeadNeck_64",
	"ReceiveCoilActiveElements": "HC1-7;NC1",
	"CoilString": "HeadNeck_64",
	"PulseSequenceDetails": "%SiemensSeq%\\gre_field_mapping",
	"CoilCombinationMethod": "Adaptive Combine",
	"MatrixCoilMode": "SENSE",
	"PercentPhaseFOV": 100,
	"PercentSampling": 100,
	"PhaseEncodingSteps": 96,
	"FrequencyEncodingSteps": 96,
	"AcquisitionMatrixPE": 96,
	"ReconMatrixPE": 96,
	"AcquisitionDuration": 150.687,
	"PixelBandwidth": 668,
	"DwellTime": 7.8e-06,
	"PhaseEncodingDirection": "j-",
	"SliceTiming": [
		0,
		0.4,
		0.01,
		0.41,
		0.02,
		0.42,
		0.03,
		0.43,
		0.04,
		0.4375,
		0.05,
		0.4475,
		0.06,
		0.4575,
		0.0675,
		0.4675,
		0.0775,
		0.4775,
		0.0875,
		0.4875,
		0.0975,
		0.4975,
		0.1075,
		0.5075,
		0.1175,
		0.5175,
		0.1275,
		0.5275,
		0.1375,
		0.535,
		0.1475,
		0.545,
		0.155,
		0.555,
		0.165,
		0.565,
		0.175,
		0.575,
		0.185,
		0.585,
		0.195,
		0.595,
		0.205,
		0.605,
		0.215,
		0.615,
		0.225,
		0.6225,
		0.235,
		0.6325,
		0.245,
		0.6425,
		0.2525,
		0.6525,
		0.2625,
		0.6625,
		0.2725,
		0.6725,
		0.2825,
		0.6825,
		0.2925,
		0.6925,
		0.3025,
		0.7025,
		0.3125,
		0.7125,
		0.3225,
		0.72,
		0.3325,
		0.73,
		0.3425,
		0.74,
		0.35,
		0.75,
		0.36,
		0.76,
		0.37,
		0.77,
		0.38,
		0.78,
		0.39	],
	"ImageOrientationPatientDICOM": [
		0.99912,
		0.0349977,
		0.0231244,
		-0.0289551,
		0.974278,
		-0.223483	],
	"InPlanePhaseEncodingDirectionDICOM": "COL",
	"BidsGuess": ["fmap","_acq-fm2_magnitude2"],
	"ConversionSoftware": "dcm2niix",
	"ConversionSoftwareVersion": "v1.0.20240202"
}
