{
	"Modality": "MR",
	"MagneticFieldStrength": 3,
	"ImagingFrequency": 123.255656,
	"Manufacturer": "Siemens",
	"ManufacturersModelName": "Prisma",
	"InstitutionName": "Temple University",
	"InstitutionalDepartmentName": "Department",
	"InstitutionAddress": "North 13th 1701,Philadelphia,PA,US,19122",
	"DeviceSerialNumber": "166048",
	"StationName": "AWP166048",
	"BodyPartExamined": "BRAIN",
	"PatientPosition": "HFS",
	"ProcedureStepDescription": "Drexel^Kucyi Lab",
	"SoftwareVersions": "syngo MR E11",
	"MRAcquisitionType": "2D",
	"SeriesDescription": "BOLD_ExperienceSampling",
	"ProtocolName": "BOLD_ExperienceSampling",
	"TaskName": "ExperienceSampling",
	"ScanningSequence": "EP",
	"SequenceVariant": "SK\\SS",
	"ScanOptions": "PFP\\FS",
	"SequenceName": "epfid2d1_96",
	"ImageType": ["ORIGINAL", "PRIMARY", "M", "MB", "ND", "NORM", "MOSAIC"],
	"NonlinearGradientCorrection": false,
	"SeriesNumber": 13,
	"AcquisitionTime": "13:44:34.180000",
	"AcquisitionNumber": 1,
	"ImageComments": "Unaliased MB3/PE3",
	"SliceThickness": 2,
	"SpacingBetweenSlices": 2,
	"SAR": 0.0862356,
	"EchoTime": 0.025,
	"RepetitionTime": 2,
	"FlipAngle": 70,
	"PartialFourier": 0.75,
	"BaseResolution": 96,
	"ShimSetting": [
		3038,
		-11831,
		6774,
		436,
		-84,
		-479,
		-99,
		28	],
	"TxRefAmp": 287.124,
	"PhaseResolution": 1,
	"ReceiveCoilName": "HeadNeck_64",
	"ReceiveCoilActiveElements": "HC1-7",
	"PulseSequenceDetails": "%CustomerSeq%\\cmrr_mbep2d_bold",
	"WipMemBlock": "fb477dee-1ecc-4770-85b7-5246637af544||Sequence: R016 ve11e/master r/434b28f1; Aug  7 2019 18:53:46 by eja",
	"CoilCombinationMethod": "Sum of Squares",
	"ConsistencyInfo": "N4_VE11E_LATEST_20181129",
	"MatrixCoilMode": "SENSE",
	"MultibandAccelerationFactor": 3,
	"PercentPhaseFOV": 100,
	"PercentSampling": 100,
	"EchoTrainLength": 72,
	"PhaseEncodingSteps": 72,
	"AcquisitionMatrixPE": 96,
	"ReconMatrixPE": 96,
	"BandwidthPerPixelPhaseEncode": 16.801,
	"EffectiveEchoSpacing": 0.000620003,
	"DerivedVendorReportedEchoSpacing": 0.000620003,
	"TotalReadoutTime": 0.0589003,
	"PixelBandwidth": 1860,
	"DwellTime": 2.8e-06,
	"PhaseEncodingDirection": "j-",
	"SliceTiming": [
		0,
		1.025,
		0.0725,
		1.1,
		0.145,
		1.1725,
		0.22,
		1.245,
		0.2925,
		1.32,
		0.365,
		1.3925,
		0.44,
		1.465,
		0.5125,
		1.54,
		0.585,
		1.6125,
		0.66,
		1.685,
		0.7325,
		1.76,
		0.805,
		1.8325,
		0.88,
		1.905,
		0.9525,
		0,
		1.025,
		0.0725,
		1.1,
		0.145,
		1.1725,
		0.22,
		1.245,
		0.2925,
		1.32,
		0.365,
		1.3925,
		0.44,
		1.465,
		0.5125,
		1.54,
		0.585,
		1.6125,
		0.66,
		1.685,
		0.7325,
		1.76,
		0.805,
		1.8325,
		0.88,
		1.905,
		0.9525,
		0,
		1.025,
		0.0725,
		1.1,
		0.145,
		1.1725,
		0.22,
		1.245,
		0.2925,
		1.32,
		0.365,
		1.3925,
		0.44,
		1.465,
		0.5125,
		1.54,
		0.585,
		1.6125,
		0.66,
		1.685,
		0.7325,
		1.76,
		0.805,
		1.8325,
		0.88,
		1.905,
		0.9525	],
	"ImageOrientationPatientDICOM": [
		0.996262,
		0.0834692,
		-0.0222443,
		-0.0862857,
		0.949404,
		-0.301973	],
	"ImageOrientationText": "Tra>Cor(-17.6)>Sag(0.2)",
	"InPlanePhaseEncodingDirectionDICOM": "COL",
	"ConversionSoftware": "dcm2niix",
	"ConversionSoftwareVersion": "v1.0.20230411"
}
