{
	"Modality": "MR",
	"MagneticFieldStrength": 3,
	"ImagingFrequency": 123.249235,
	"Manufacturer": "Siemens",
	"ManufacturersModelName": "Prisma",
	"InstitutionName": "Temple University",
	"InstitutionalDepartmentName": "Department",
	"InstitutionAddress": "North 13th 1701,Philadelphia,PA,US,19122",
	"DeviceSerialNumber": "166048",
	"StationName": "AWP166048",
	"BodyPartExamined": "BRAIN",
	"PatientPosition": "HFS",
	"ProcedureStepDescription": "Drexel^Kucyi Lab",
	"SoftwareVersions": "syngo MR E11",
	"MRAcquisitionType": "2D",
	"SeriesDescription": "BOLD_GradCPT",
	"ProtocolName": "BOLD_GradCPT",
	"TaskName": "GradCPT",
	"ScanningSequence": "EP",
	"SequenceVariant": "SK\\SS",
	"ScanOptions": "PFP\\FS",
	"SequenceName": "epfid2d1_96",
	"ImageType": ["ORIGINAL", "PRIMARY", "M", "MB", "ND", "NORM", "MOSAIC"],
	"NonlinearGradientCorrection": false,
	"SeriesNumber": 10,
	"AcquisitionTime": "13:24:21.210000",
	"AcquisitionNumber": 1,
	"ImageComments": "Unaliased MB3/PE3",
	"SliceThickness": 2,
	"SpacingBetweenSlices": 2,
	"SAR": 0.0946827,
	"EchoTime": 0.025,
	"RepetitionTime": 2,
	"FlipAngle": 70,
	"PartialFourier": 0.75,
	"BaseResolution": 96,
	"ShimSetting": [
		3027,
		-11823,
		6743,
		341,
		115,
		-650,
		-126,
		-2	],
	"TxRefAmp": 299.832,
	"PhaseResolution": 1,
	"ReceiveCoilName": "HeadNeck_64",
	"ReceiveCoilActiveElements": "HC1-7",
	"PulseSequenceDetails": "%CustomerSeq%\\cmrr_mbep2d_bold",
	"WipMemBlock": "647b45cb-fa9a-43df-a1a4-3ba25dc4774a||Sequence: R016 ve11e/master r/434b28f1; Aug  7 2019 18:53:46 by eja",
	"CoilCombinationMethod": "Sum of Squares",
	"ConsistencyInfo": "N4_VE11E_LATEST_20181129",
	"MatrixCoilMode": "SENSE",
	"MultibandAccelerationFactor": 3,
	"PercentPhaseFOV": 100,
	"PercentSampling": 100,
	"EchoTrainLength": 72,
	"PhaseEncodingSteps": 72,
	"AcquisitionMatrixPE": 96,
	"ReconMatrixPE": 96,
	"BandwidthPerPixelPhaseEncode": 16.801,
	"EffectiveEchoSpacing": 0.000620003,
	"DerivedVendorReportedEchoSpacing": 0.000620003,
	"TotalReadoutTime": 0.0589003,
	"PixelBandwidth": 1860,
	"DwellTime": 2.8e-06,
	"PhaseEncodingDirection": "j-",
	"SliceTiming": [
		0,
		1.0275,
		0.075,
		1.1,
		0.1475,
		1.175,
		0.22,
		1.2475,
		0.295,
		1.32,
		0.3675,
		1.395,
		0.44,
		1.4675,
		0.515,
		1.54,
		0.5875,
		1.615,
		0.66,
		1.6875,
		0.735,
		1.76,
		0.8075,
		1.835,
		0.88,
		1.9075,
		0.955,
		0,
		1.0275,
		0.075,
		1.1,
		0.1475,
		1.175,
		0.22,
		1.2475,
		0.295,
		1.32,
		0.3675,
		1.395,
		0.44,
		1.4675,
		0.515,
		1.54,
		0.5875,
		1.615,
		0.66,
		1.6875,
		0.735,
		1.76,
		0.8075,
		1.835,
		0.88,
		1.9075,
		0.955,
		0,
		1.0275,
		0.075,
		1.1,
		0.1475,
		1.175,
		0.22,
		1.2475,
		0.295,
		1.32,
		0.3675,
		1.395,
		0.44,
		1.4675,
		0.515,
		1.54,
		0.5875,
		1.615,
		0.66,
		1.6875,
		0.735,
		1.76,
		0.8075,
		1.835,
		0.88,
		1.9075,
		0.955	],
	"ImageOrientationPatientDICOM": [
		0.999804,
		-0.0161432,
		0.0114333,
		0.0172771,
		0.994084,
		-0.107227	],
	"ImageOrientationText": "Tra>Cor(-6.2)>Sag(0.6)",
	"InPlanePhaseEncodingDirectionDICOM": "COL",
	"BidsGuess": ["func","_acq-epfid2m3_dir-AP_run-10_bold"],
	"ConversionSoftware": "dcm2niix",
	"ConversionSoftwareVersion": "v1.0.20240202"
}
