{
	"Modality": "MR",
	"MagneticFieldStrength": 3,
	"ImagingFrequency": 123.255549,
	"Manufacturer": "Siemens",
	"ManufacturersModelName": "Prisma",
	"InstitutionName": "Temple University - Weiss Hall",
	"InstitutionalDepartmentName": "Department",
	"InstitutionAddress": "North 13th 1701,Philadelphia,PA,US,19122",
	"DeviceSerialNumber": "166048",
	"StationName": "AWP166048",
	"BodyPartExamined": "BRAIN",
	"PatientPosition": "HFS",
	"ProcedureStepDescription": "Drexel^Kucyi Lab",
	"SoftwareVersions": "syngo MR E11",
	"MRAcquisitionType": "2D",
	"SeriesDescription": "B0map",
	"ProtocolName": "B0map",
	"ScanningSequence": "GR",
	"SequenceVariant": "SP",
	"SequenceName": "*fm2d2r",
	"ImageType": ["ORIGINAL", "PRIMARY", "M", "ND"],
	"NonlinearGradientCorrection": false,
	"SeriesNumber": 8,
	"AcquisitionTime": "14:01:8.377500",
	"AcquisitionNumber": 1,
	"SliceThickness": 2,
	"SpacingBetweenSlices": 2,
	"SAR": 0.133787,
	"EchoNumber": 1,
	"EchoTime": 0.00492,
	"RepetitionTime": 0.789,
	"FlipAngle": 45,
	"PartialFourier": 1,
	"BaseResolution": 96,
	"ShimSetting": [
		3034,
		-11827,
		6788,
		390,
		7,
		-248,
		-154,
		26	],
	"TxRefAmp": 320.486,
	"PhaseResolution": 1,
	"ReceiveCoilName": "HeadNeck_64",
	"ReceiveCoilActiveElements": "HC1-7",
	"PulseSequenceDetails": "%SiemensSeq%\\gre_field_mapping",
	"CoilCombinationMethod": "Adaptive Combine",
	"ConsistencyInfo": "N4_VE11E_LATEST_20181129",
	"MatrixCoilMode": "SENSE",
	"PercentPhaseFOV": 100,
	"PercentSampling": 100,
	"PhaseEncodingSteps": 96,
	"AcquisitionMatrixPE": 96,
	"ReconMatrixPE": 96,
	"PixelBandwidth": 670,
	"DwellTime": 7.8e-06,
	"PhaseEncodingDirection": "j-",
	"SliceTiming": [
		0,
		0.40625,
		0.01562,
		0.40625,
		0.01562,
		0.42188,
		0.03125,
		0.4375,
		0.04688,
		0.4375,
		0.04688,
		0.45312,
		0.0625,
		0.45312,
		0.0625,
		0.46875,
		0.07812,
		0.48438,
		0.09375,
		0.48438,
		0.09375,
		0.5,
		0.10938,
		0.5,
		0.125,
		0.51562,
		0.125,
		0.53125,
		0.14062,
		0.53125,
		0.14062,
		0.54688,
		0.15625,
		0.5625,
		0.17188,
		0.5625,
		0.17188,
		0.57812,
		0.1875,
		0.59375,
		0.20312,
		0.59375,
		0.20312,
		0.60938,
		0.21875,
		0.60938,
		0.21875,
		0.625,
		0.23438,
		0.64062,
		0.25,
		0.64062,
		0.25,
		0.65625,
		0.26562,
		0.67188,
		0.28125,
		0.67188,
		0.28125,
		0.6875,
		0.29688,
		0.6875,
		0.3125,
		0.70312,
		0.3125,
		0.71875,
		0.32812,
		0.71875,
		0.32812,
		0.73438,
		0.34375,
		0.75,
		0.35938,
		0.75,
		0.35938,
		0.76562,
		0.375,
		0.76562,
		0.375,
		0.78125,
		0.39062	],
	"ImageOrientationPatientDICOM": [
		0.997958,
		0.0538656,
		-0.0343312,
		-0.0566682,
		0.994621,
		-0.0867032	],
	"ImageOrientationText": "Tra>Cor(-5.1)>Sag(-1.7)",
	"InPlanePhaseEncodingDirectionDICOM": "COL",
	"BidsGuess": ["fmap","_acq-fm2_magnitude1"],
	"ConversionSoftware": "dcm2niix",
	"ConversionSoftwareVersion": "v1.0.20240202"
}
