{
	"Modality": "MR",
	"MagneticFieldStrength": 3,
	"ImagingFrequency": 123.25586,
	"Manufacturer": "Siemens",
	"ManufacturersModelName": "Prisma",
	"InstitutionName": "Temple University - Weiss Hall",
	"InstitutionalDepartmentName": "Department",
	"InstitutionAddress": "North 13th 1701,Philadelphia,PA,US,19122",
	"DeviceSerialNumber": "166048",
	"StationName": "AWP166048",
	"BodyPartExamined": "BRAIN",
	"PatientPosition": "HFS",
	"ProcedureStepDescription": "Drexel^Kucyi Lab",
	"SoftwareVersions": "syngo MR E11",
	"MRAcquisitionType": "2D",
	"SeriesDescription": "B0map",
	"ProtocolName": "B0map",
	"ScanningSequence": "GR",
	"SequenceVariant": "SP",
	"SequenceName": "*fm2d2r",
	"ImageType": ["ORIGINAL", "PRIMARY", "M", "ND"],
	"NonlinearGradientCorrection": false,
	"SeriesNumber": 8,
	"AcquisitionTime": "16:18:5.317500",
	"AcquisitionNumber": 1,
	"SliceThickness": 2,
	"SpacingBetweenSlices": 2,
	"SAR": 0.144192,
	"EchoNumber": 2,
	"EchoTime": 0.00738,
	"RepetitionTime": 0.789,
	"FlipAngle": 45,
	"PartialFourier": 1,
	"BaseResolution": 96,
	"ShimSetting": [
		3023,
		-11791,
		6782,
		253,
		-41,
		-131,
		53,
		60	],
	"TxRefAmp": 306.285,
	"PhaseResolution": 1,
	"ReceiveCoilName": "HeadNeck_64",
	"ReceiveCoilActiveElements": "HC1-7",
	"PulseSequenceDetails": "%SiemensSeq%\\gre_field_mapping",
	"CoilCombinationMethod": "Adaptive Combine",
	"ConsistencyInfo": "N4_VE11E_LATEST_20181129",
	"MatrixCoilMode": "SENSE",
	"PercentPhaseFOV": 100,
	"PercentSampling": 100,
	"PhaseEncodingSteps": 96,
	"AcquisitionMatrixPE": 96,
	"ReconMatrixPE": 96,
	"PixelBandwidth": 670,
	"DwellTime": 7.8e-06,
	"PhaseEncodingDirection": "j-",
	"SliceTiming": [
		0,
		0.40625,
		0.01562,
		0.42188,
		0.03125,
		0.42188,
		0.03125,
		0.4375,
		0.04688,
		0.4375,
		0.0625,
		0.45312,
		0.0625,
		0.46875,
		0.07812,
		0.46875,
		0.07812,
		0.48438,
		0.09375,
		0.5,
		0.10938,
		0.5,
		0.10938,
		0.51562,
		0.125,
		0.51562,
		0.125,
		0.53125,
		0.14062,
		0.54688,
		0.15625,
		0.54688,
		0.15625,
		0.5625,
		0.17188,
		0.5625,
		0.1875,
		0.57812,
		0.1875,
		0.59375,
		0.20312,
		0.59375,
		0.20312,
		0.60938,
		0.21875,
		0.625,
		0.23438,
		0.625,
		0.23438,
		0.64062,
		0.25,
		0.64062,
		0.26562,
		0.65625,
		0.26562,
		0.67188,
		0.28125,
		0.67188,
		0.28125,
		0.6875,
		0.29688,
		0.70312,
		0.3125,
		0.70312,
		0.3125,
		0.71875,
		0.32812,
		0.73438,
		0.34375,
		0.73438,
		0.34375,
		0.75,
		0.35938,
		0.75,
		0.35938,
		0.76562,
		0.375,
		0.78125,
		0.39062,
		0.78125,
		0.39062	],
	"ImageOrientationPatientDICOM": [
		0.99969,
		-0.00445944,
		0.0244899,
		0.00366411,
		0.999467,
		0.0324251	],
	"ImageOrientationText": "Tra>Cor(1.9)>Sag(1.4)",
	"InPlanePhaseEncodingDirectionDICOM": "COL",
	"ConversionSoftware": "dcm2niix",
	"ConversionSoftwareVersion": "v1.0.20230411"
}
