{
	"Modality": "MR",
	"MagneticFieldStrength": 3,
	"ImagingFrequency": 123.255702,
	"Manufacturer": "Siemens",
	"ManufacturersModelName": "Prisma",
	"InstitutionName": "Temple University - Weiss Hall",
	"InstitutionalDepartmentName": "Department",
	"InstitutionAddress": "North 13th 1701,Philadelphia,PA,US,19122",
	"DeviceSerialNumber": "166048",
	"StationName": "AWP166048",
	"BodyPartExamined": "BRAIN",
	"PatientPosition": "HFS",
	"ProcedureStepDescription": "Drexel^Kucyi Lab",
	"SoftwareVersions": "syngo MR E11",
	"MRAcquisitionType": "2D",
	"SeriesDescription": "BOLD_ExperienceSampling",
	"ProtocolName": "BOLD_ExperienceSampling",
	"TaskName": "ExperienceSampling",
	"ScanningSequence": "EP",
	"SequenceVariant": "SK\\SS",
	"ScanOptions": "PFP\\FS",
	"SequenceName": "epfid2d1_96",
	"ImageType": ["ORIGINAL", "PRIMARY", "M", "MB", "ND", "NORM", "MOSAIC"],
	"NonlinearGradientCorrection": false,
	"SeriesNumber": 12,
	"AcquisitionTime": "12:13:37.760000",
	"AcquisitionNumber": 1,
	"ImageComments": "Unaliased MB3/PE3",
	"SliceThickness": 2,
	"SpacingBetweenSlices": 2,
	"SAR": 0.0926913,
	"EchoTime": 0.025,
	"RepetitionTime": 2,
	"FlipAngle": 70,
	"PartialFourier": 0.75,
	"BaseResolution": 96,
	"ShimSetting": [
		3041,
		-11818,
		6768,
		372,
		6,
		-248,
		-165,
		13	],
	"TxRefAmp": 302.341,
	"PhaseResolution": 1,
	"ReceiveCoilName": "HeadNeck_64",
	"ReceiveCoilActiveElements": "HC1-7",
	"PulseSequenceDetails": "%CustomerSeq%\\cmrr_mbep2d_bold",
	"WipMemBlock": "8ac06226-9a7d-40a1-a342-86d93bc78692||Sequence: R016 ve11e/master r/434b28f1; Aug  7 2019 18:53:46 by eja",
	"CoilCombinationMethod": "Sum of Squares",
	"ConsistencyInfo": "N4_VE11E_LATEST_20181129",
	"MatrixCoilMode": "SENSE",
	"MultibandAccelerationFactor": 3,
	"PercentPhaseFOV": 100,
	"PercentSampling": 100,
	"EchoTrainLength": 72,
	"PhaseEncodingSteps": 72,
	"AcquisitionMatrixPE": 96,
	"ReconMatrixPE": 96,
	"BandwidthPerPixelPhaseEncode": 16.801,
	"EffectiveEchoSpacing": 0.000620003,
	"DerivedVendorReportedEchoSpacing": 0.000620003,
	"TotalReadoutTime": 0.0589003,
	"PixelBandwidth": 1860,
	"DwellTime": 2.8e-06,
	"PhaseEncodingDirection": "j-",
	"SliceTiming": [
		0,
		1.025,
		0.0725,
		1.0975,
		0.145,
		1.1725,
		0.2175,
		1.245,
		0.2925,
		1.3175,
		0.365,
		1.3925,
		0.4375,
		1.465,
		0.5125,
		1.5375,
		0.585,
		1.6125,
		0.6575,
		1.685,
		0.7325,
		1.7575,
		0.805,
		1.8325,
		0.8775,
		1.905,
		0.9525,
		0,
		1.025,
		0.0725,
		1.0975,
		0.145,
		1.1725,
		0.2175,
		1.245,
		0.2925,
		1.3175,
		0.365,
		1.3925,
		0.4375,
		1.465,
		0.5125,
		1.5375,
		0.585,
		1.6125,
		0.6575,
		1.685,
		0.7325,
		1.7575,
		0.805,
		1.8325,
		0.8775,
		1.905,
		0.9525,
		0,
		1.025,
		0.0725,
		1.0975,
		0.145,
		1.1725,
		0.2175,
		1.245,
		0.2925,
		1.3175,
		0.365,
		1.3925,
		0.4375,
		1.465,
		0.5125,
		1.5375,
		0.585,
		1.6125,
		0.6575,
		1.685,
		0.7325,
		1.7575,
		0.805,
		1.8325,
		0.8775,
		1.905,
		0.9525	],
	"ImageOrientationPatientDICOM": [
		0.999032,
		0.043007,
		-0.00920077,
		-0.0439681,
		0.971756,
		-0.231858	],
	"ImageOrientationText": "Tra>Cor(-13.4)>Sag(0.1)",
	"InPlanePhaseEncodingDirectionDICOM": "COL",
	"BidsGuess": ["func","_acq-epfid2m3_dir-AP_run-12_bold"],
	"ConversionSoftware": "dcm2niix",
	"ConversionSoftwareVersion": "v1.0.20240202"
}
