{
	"Modality": "MR",
	"MagneticFieldStrength": 3,
	"ImagingFrequency": 123.249369,
	"Manufacturer": "Siemens",
	"ManufacturersModelName": "Prisma",
	"InstitutionName": "Temple University - Weiss Hall",
	"InstitutionalDepartmentName": "Department",
	"InstitutionAddress": "North 13th 1701,Philadelphia,PA,US,19122",
	"DeviceSerialNumber": "166048",
	"StationName": "AWP166048",
	"BodyPartExamined": "BRAIN",
	"PatientPosition": "HFS",
	"ProcedureStepDescription": "Drexel^Kucyi Lab",
	"SoftwareVersions": "syngo MR E11",
	"MRAcquisitionType": "2D",
	"SeriesDescription": "BOLD_ExperienceSampling",
	"ProtocolName": "BOLD_ExperienceSampling",
	"TaskName": "ExperienceSampling",
	"ScanningSequence": "EP",
	"SequenceVariant": "SK\\SS",
	"ScanOptions": "PFP\\FS",
	"SequenceName": "epfid2d1_96",
	"ImageType": ["ORIGINAL", "PRIMARY", "M", "MB", "ND", "NORM", "MOSAIC"],
	"NonlinearGradientCorrection": false,
	"SeriesNumber": 13,
	"AcquisitionTime": "10:49:57.970000",
	"AcquisitionNumber": 1,
	"ImageComments": "Unaliased MB3/PE3",
	"SliceThickness": 2,
	"SpacingBetweenSlices": 2,
	"SAR": 0.0702789,
	"EchoTime": 0.025,
	"RepetitionTime": 2,
	"FlipAngle": 70,
	"PartialFourier": 0.75,
	"BaseResolution": 96,
	"ShimSetting": [
		3016,
		-11805,
		6775,
		345,
		-30,
		-426,
		-32,
		-1	],
	"TxRefAmp": 246.952,
	"PhaseResolution": 1,
	"ReceiveCoilName": "HeadNeck_64",
	"ReceiveCoilActiveElements": "HC1-7",
	"PulseSequenceDetails": "%CustomerSeq%\\cmrr_mbep2d_bold",
	"WipMemBlock": "66a849df-6d4f-405e-b1bf-42b80ea66c07||Sequence: R016 ve11e/master r/434b28f1; Aug  7 2019 18:53:46 by eja",
	"CoilCombinationMethod": "Sum of Squares",
	"ConsistencyInfo": "N4_VE11E_LATEST_20181129",
	"MatrixCoilMode": "SENSE",
	"MultibandAccelerationFactor": 3,
	"PercentPhaseFOV": 100,
	"PercentSampling": 100,
	"EchoTrainLength": 72,
	"PhaseEncodingSteps": 72,
	"AcquisitionMatrixPE": 96,
	"ReconMatrixPE": 96,
	"BandwidthPerPixelPhaseEncode": 16.801,
	"EffectiveEchoSpacing": 0.000620003,
	"DerivedVendorReportedEchoSpacing": 0.000620003,
	"TotalReadoutTime": 0.0589003,
	"PixelBandwidth": 1860,
	"DwellTime": 2.8e-06,
	"PhaseEncodingDirection": "j-",
	"SliceTiming": [
		0,
		1.0275,
		0.0725,
		1.1,
		0.1475,
		1.1725,
		0.22,
		1.2475,
		0.2925,
		1.32,
		0.3675,
		1.3925,
		0.44,
		1.4675,
		0.5125,
		1.54,
		0.5875,
		1.6125,
		0.66,
		1.6875,
		0.7325,
		1.76,
		0.8075,
		1.8325,
		0.88,
		1.9075,
		0.9525,
		0,
		1.0275,
		0.0725,
		1.1,
		0.1475,
		1.1725,
		0.22,
		1.2475,
		0.2925,
		1.32,
		0.3675,
		1.3925,
		0.44,
		1.4675,
		0.5125,
		1.54,
		0.5875,
		1.6125,
		0.66,
		1.6875,
		0.7325,
		1.76,
		0.8075,
		1.8325,
		0.88,
		1.9075,
		0.9525,
		0,
		1.0275,
		0.0725,
		1.1,
		0.1475,
		1.1725,
		0.22,
		1.2475,
		0.2925,
		1.32,
		0.3675,
		1.3925,
		0.44,
		1.4675,
		0.5125,
		1.54,
		0.5875,
		1.6125,
		0.66,
		1.6875,
		0.7325,
		1.76,
		0.8075,
		1.8325,
		0.88,
		1.9075,
		0.9525	],
	"ImageOrientationPatientDICOM": [
		0.998152,
		0.0502966,
		-0.0340951,
		-0.0572035,
		0.967047,
		-0.248088	],
	"ImageOrientationText": "Tra>Cor(-14.5)>Sag(-1.2)",
	"InPlanePhaseEncodingDirectionDICOM": "COL",
	"BidsGuess": ["func","_acq-epfid2m3_dir-AP_run-13_bold"],
	"ConversionSoftware": "dcm2niix",
	"ConversionSoftwareVersion": "v1.0.20240202"
}
