{
	"Modality": "MR",
	"MagneticFieldStrength": 3,
	"ImagingFrequency": 123.255762,
	"Manufacturer": "Siemens",
	"ManufacturersModelName": "Prisma",
	"InstitutionName": "Temple University - Weiss Hall",
	"InstitutionalDepartmentName": "Department",
	"InstitutionAddress": "North 13th 1701,Philadelphia,PA,US,19122",
	"DeviceSerialNumber": "166048",
	"StationName": "AWP166048",
	"BodyPartExamined": "BRAIN",
	"PatientPosition": "HFS",
	"ProcedureStepDescription": "Drexel^Kucyi Lab",
	"SoftwareVersions": "syngo MR E11",
	"MRAcquisitionType": "2D",
	"SeriesDescription": "BOLD_ExperienceSampling",
	"ProtocolName": "BOLD_ExperienceSampling",
	"TaskName": "ExperienceSampling",
	"ScanningSequence": "EP",
	"SequenceVariant": "SK\\SS",
	"ScanOptions": "PFP\\FS",
	"SequenceName": "epfid2d1_96",
	"ImageType": ["ORIGINAL", "PRIMARY", "M", "MB", "ND", "NORM", "MOSAIC"],
	"NonlinearGradientCorrection": false,
	"SeriesNumber": 12,
	"AcquisitionTime": "15:39:23.952500",
	"AcquisitionNumber": 1,
	"ImageComments": "Unaliased MB3/PE3",
	"SliceThickness": 2,
	"SpacingBetweenSlices": 2,
	"SAR": 0.0970287,
	"EchoTime": 0.025,
	"RepetitionTime": 2,
	"FlipAngle": 70,
	"PartialFourier": 0.75,
	"BaseResolution": 96,
	"ShimSetting": [
		3072,
		-11836,
		6792,
		369,
		-21,
		-340,
		-139,
		12	],
	"TxRefAmp": 277.742,
	"PhaseResolution": 1,
	"ReceiveCoilName": "HeadNeck_64",
	"ReceiveCoilActiveElements": "HC1-7",
	"PulseSequenceDetails": "%CustomerSeq%\\cmrr_mbep2d_bold",
	"WipMemBlock": "2c51ebcf-b052-4379-8344-4989c861733b||Sequence: R016 ve11e/master r/434b28f1; Aug  7 2019 18:53:46 by eja",
	"CoilCombinationMethod": "Sum of Squares",
	"ConsistencyInfo": "N4_VE11E_LATEST_20181129",
	"MatrixCoilMode": "SENSE",
	"MultibandAccelerationFactor": 3,
	"PercentPhaseFOV": 100,
	"PercentSampling": 100,
	"EchoTrainLength": 72,
	"PhaseEncodingSteps": 72,
	"AcquisitionMatrixPE": 96,
	"ReconMatrixPE": 96,
	"BandwidthPerPixelPhaseEncode": 16.801,
	"EffectiveEchoSpacing": 0.000620003,
	"DerivedVendorReportedEchoSpacing": 0.000620003,
	"TotalReadoutTime": 0.0589003,
	"PixelBandwidth": 1860,
	"DwellTime": 2.8e-06,
	"PhaseEncodingDirection": "j-",
	"SliceTiming": [
		0,
		1.0275,
		0.075,
		1.1,
		0.1475,
		1.175,
		0.22,
		1.2475,
		0.295,
		1.32,
		0.3675,
		1.395,
		0.44,
		1.4675,
		0.515,
		1.54,
		0.5875,
		1.615,
		0.66,
		1.6875,
		0.735,
		1.76,
		0.8075,
		1.835,
		0.88,
		1.9075,
		0.955,
		0,
		1.0275,
		0.075,
		1.1,
		0.1475,
		1.175,
		0.22,
		1.2475,
		0.295,
		1.32,
		0.3675,
		1.395,
		0.44,
		1.4675,
		0.515,
		1.54,
		0.5875,
		1.615,
		0.66,
		1.6875,
		0.735,
		1.76,
		0.8075,
		1.835,
		0.88,
		1.9075,
		0.955,
		0,
		1.0275,
		0.075,
		1.1,
		0.1475,
		1.175,
		0.22,
		1.2475,
		0.295,
		1.32,
		0.3675,
		1.395,
		0.44,
		1.4675,
		0.515,
		1.54,
		0.5875,
		1.615,
		0.66,
		1.6875,
		0.735,
		1.76,
		0.8075,
		1.835,
		0.88,
		1.9075,
		0.955	],
	"ImageOrientationPatientDICOM": [
		0.997419,
		0.00635459,
		0.0715159,
		-0.00748566,
		0.999851,
		0.0155587	],
	"ImageOrientationText": "Tra>Sag(4.1)>Cor(0.9)",
	"InPlanePhaseEncodingDirectionDICOM": "COL",
	"ConversionSoftware": "dcm2niix",
	"ConversionSoftwareVersion": "v1.0.20230411"
}
